GEM
  remote: https://rubygems.vpsfree.cz/
  specs:
    gli (2.17.1)
    json (2.1.0)
    osctl (0.1.0.build20171201182704)
      gli (~> 2.17.1)
      json

PLATFORMS
  ruby

DEPENDENCIES
  osctl (= 0.1.0.build20171201182704)

BUNDLED WITH
   1.14.6
