GEM
  remote: https://rubygems.vpsfree.cz/
  specs:
    gli (2.17.1)
    highline (1.7.10)
    ipaddress (0.8.3)
    json (2.1.0)
    osctl (0.1.0.build20180112083918)
      gli (~> 2.17.1)
      highline (~> 1.7.10)
      ipaddress (~> 0.8.3)
      json

PLATFORMS
  ruby

DEPENDENCIES
  osctl (= 0.1.0.build20180112083918)

BUNDLED WITH
   1.14.6
