GEM
  remote: https://rubygems.vpsfree.cz/
  specs:
    gli (2.17.1)
    ipaddress (0.8.3)
    json (2.1.0)
    osctl (0.1.0.build20171206110909)
      gli (~> 2.17.1)
      ipaddress (~> 0.8.3)
      json

PLATFORMS
  ruby

DEPENDENCIES
  osctl (= 0.1.0.build20171206110909)

BUNDLED WITH
   1.14.6
