GEM
  remote: https://rubygems.vpsfree.cz/
  specs:
    ipaddress (0.8.3)
    json (2.1.0)
    osctld (0.1.0.build20171206110912)
      ipaddress (~> 0.8.3)
      json
      ruby-lxc (~> 1.2.2)
    ruby-lxc (1.2.2)

PLATFORMS
  ruby

DEPENDENCIES
  osctld (= 0.1.0.build20171206110912)

BUNDLED WITH
   1.14.6
